GEM
  remote: https://rubygems.org/
  specs:
    byebug (8.2.2)
    rack (1.6.4)
    rack-protection (1.5.3)
      rack
    rake (10.5.0)
    sinatra (1.4.7)
      rack (~> 1.5)
      rack-protection (~> 1.4)
      tilt (>= 1.3, < 3)
    tilt (2.0.2)

PLATFORMS
  ruby

DEPENDENCIES
  byebug
  rake (~> 10.0)
  sinatra (~> 1.4)

BUNDLED WITH
   1.11.2
